PATH
  remote: .
  specs:
    geocollider (0.0.0)
      highline
      i18n
      rgeo
      rgeo-geojson

GEM
  remote: https://rubygems.org/
  specs:
    concurrent-ruby (1.1.5)
    highline (2.0.2)
    i18n (1.6.0)
      concurrent-ruby (~> 1.0)
    minitest (5.11.3)
    pbf_parser (0.2.1)
    rake (12.3.3)
    rgeo (2.1.0)
    rgeo-geojson (2.1.1)
      rgeo (>= 1.0.0)
    yard (0.9.20)

PLATFORMS
  ruby

DEPENDENCIES
  geocollider!
  minitest
  pbf_parser
  rake
  yard

BUNDLED WITH
   1.14.6
