PATH
  remote: .
  specs:
    geocollider (0.0.0)
      highline
      i18n
      rgeo
      rgeo-geojson

GEM
  remote: https://rubygems.org/
  specs:
    highline (1.7.8)
    i18n (0.8.1)
    minitest (5.10.1)
    pbf_parser (0.2.0)
    rake (12.0.0)
    rgeo (0.6.0)
    rgeo-geojson (0.4.3)
      rgeo (~> 0.5)
    yard (0.9.18)

PLATFORMS
  ruby

DEPENDENCIES
  geocollider!
  minitest
  pbf_parser
  rake
  yard

BUNDLED WITH
   1.14.6
