PATH
  remote: .
  specs:
    geocollider (0.0.0)
      highline
      i18n
      rgeo
      rgeo-geojson

GEM
  remote: https://rubygems.org/
  specs:
    concurrent-ruby (1.1.7)
    highline (2.0.3)
    i18n (1.8.5)
      concurrent-ruby (~> 1.0)
    minitest (5.14.1)
    pbf_parser (0.2.1)
    rake (13.0.1)
    rgeo (2.2.0)
    rgeo-geojson (2.1.1)
      rgeo (>= 1.0.0)
    yard (0.9.25)

PLATFORMS
  ruby

DEPENDENCIES
  geocollider!
  minitest
  pbf_parser
  rake
  yard

BUNDLED WITH
   1.14.6
